GEM
  remote: http://rubygems.org/
  specs:
    bindata (2.3.3)

PLATFORMS
  ruby

DEPENDENCIES
  bindata

BUNDLED WITH
   1.13.1
